{
  "Modality": "MR",
  "MagneticFieldStrength": 3,
  "ImagingFrequency": 123.254,
  "Manufacturer": "Siemens",
  "ManufacturersModelName": "Prisma",
  "InstitutionName": "Beijing_Tiantan_Hospital",
  "InstitutionalDepartmentName": "Department",
  "InstitutionAddress": "Street_StreetNo_Beijing_Fengtai_CN_ZIP",
  "DeviceSerialNumber": "166118",
  "StationName": "AWP166118",
  "BodyPartExamined": "HEAD",
  "PatientPosition": "HFS",
  "ProcedureStepDescription": "FMRIB_Developer_TENS-new",
  "SoftwareVersions": "syngo_MR_E11",
  "MRAcquisitionType": "2D",
  "SeriesDescription": "brain-spinal_ep2d_pre_task1_R",
  "ProtocolName": "brain-spinal_ep2d_pre_task1_R",
  "ScanningSequence": "EP",
  "SequenceVariant": "SK",
  "ScanOptions": "SAT1_FS",
  "SequenceName": "_epfid2d1_128",
  "ImageType": [
    "ORIGINAL",
    "PRIMARY",
    "M",
    "ND",
    "NORM",
    "MOSAIC"
  ],
  "SeriesNumber": 8,
  "AcquisitionTime": "14:38:19.000000",
  "AcquisitionNumber": 1,
  "SliceThickness": 4,
  "SpacingBetweenSlices": 4,
  "SAR": 0.167735,
  "EchoTime": 0.027,
  "RepetitionTime": 2.68,
  "FlipAngle": 80,
  "PartialFourier": 1,
  "BaseResolution": 128,
  "ShimSetting": [
    2133,
    -11645,
    -5700,
    -662,
    -41,
    163,
    108,
    163
  ],
  "TxRefAmp": 260.012,
  "PhaseResolution": 1,
  "ReceiveCoilName": "HeadNeck_64",
  "ReceiveCoilActiveElements": "HC1-7;NC1,2",
  "CoilString": "HC1-7;NC1_2",
  "PulseSequenceDetails": "%SiemensSeq%_ep2d_bold",
  "RefLinesPE": 24,
  "ConsistencyInfo": "N4_VE11C_LATEST_20160120",
  "MultibandAccelerationFactor": 2,
  "PercentPhaseFOV": 100,
  "EchoTrainLength": 63,
  "PhaseEncodingSteps": 127,
  "AcquisitionMatrixPE": 128,
  "ReconMatrixPE": 128,
  "BandwidthPerPixelPhaseEncode": 24.414,
  "ParallelReductionFactorInPlane": 2,
  "EffectiveEchoSpacing": 0.000320001,
  "DerivedVendorReportedEchoSpacing": 0.000640002,
  "TotalReadoutTime": 0.0406401,
  "PixelBandwidth": 1860,
  "DwellTime": 0.0000021,
  "PhaseEncodingDirection": "j",
  "SliceTiming": [
    1.2925,
    0,
    1.3675,
    0.0775,
    1.445,
    0.1525,
    1.52,
    0.2275,
    1.595,
    0.305,
    1.6725,
    0.38,
    1.7475,
    0.4575,
    1.825,
    0.5325,
    1.9,
    0.6075,
    1.975,
    0.685,
    2.0525,
    0.76,
    2.1275,
    0.8375,
    2.205,
    0.9125,
    2.28,
    0.9875,
    2.355,
    1.065,
    2.4325,
    1.14,
    2.5075,
    1.2175,
    2.585,
    1.2925,
    0,
    1.3675,
    0.0775,
    1.445,
    0.1525,
    1.52,
    0.2275,
    1.595,
    0.305,
    1.6725,
    0.38,
    1.7475,
    0.4575,
    1.825,
    0.5325,
    1.9,
    0.6075,
    1.975,
    0.685,
    2.0525,
    0.76,
    2.1275,
    0.8375,
    2.205,
    0.9125,
    2.28,
    0.9875,
    2.355,
    1.065,
    2.4325,
    1.14,
    2.5075,
    1.2175,
    2.585
  ],
  "ImageOrientationPatientDICOM": [
    0.999965,
    0.00155105,
    -0.0082359,
    5.55121E-8,
    0.982723,
    0.185081
  ],
  "InPlanePhaseEncodingDirectionDICOM": "COL",
  "ConversionSoftware": "dcm2niix",
  "ConversionSoftwareVersion": "v1.0.20190410  (JP2:OpenJPEG) (JP-LS:CharLS) Clang8.1.0",
  "TaskName": "pain"
}
