{
  "Modality": "MR",
  "MagneticFieldStrength": 3,
  "ImagingFrequency": 123.254,
  "Manufacturer": "Siemens",
  "ManufacturersModelName": "Prisma",
  "InstitutionName": "Beijing_Tiantan_Hospital",
  "InstitutionalDepartmentName": "Department",
  "InstitutionAddress": "Street_StreetNo_Beijing_Fengtai_CN_ZIP",
  "DeviceSerialNumber": "166118",
  "StationName": "AWP166118",
  "BodyPartExamined": "HEAD",
  "PatientPosition": "HFS",
  "ProcedureStepDescription": "FMRIB_Developer_TENS-new",
  "SoftwareVersions": "syngo_MR_E11",
  "MRAcquisitionType": "2D",
  "SeriesDescription": "brain-spinal_ep2d_pre_task1_R",
  "ProtocolName": "brain-spinal_ep2d_pre_task1_R",
  "ScanningSequence": "EP",
  "SequenceVariant": "SK",
  "ScanOptions": "SAT1_FS",
  "SequenceName": "_epfid2d1_128",
  "ImageType": [
    "ORIGINAL",
    "PRIMARY",
    "M",
    "ND",
    "NORM",
    "MOSAIC"
  ],
  "SeriesNumber": 10,
  "AcquisitionTime": "13:10:42.590000",
  "AcquisitionNumber": 1,
  "SliceThickness": 4,
  "SpacingBetweenSlices": 4,
  "SAR": 0.1459,
  "EchoTime": 0.027,
  "RepetitionTime": 2.68,
  "FlipAngle": 80,
  "PartialFourier": 1,
  "BaseResolution": 128,
  "ShimSetting": [
    2125,
    -11632,
    -5741,
    -315,
    -24,
    13,
    125,
    -98
  ],
  "TxRefAmp": 248.878,
  "PhaseResolution": 1,
  "ReceiveCoilName": "HeadNeck_64",
  "ReceiveCoilActiveElements": "HC1-7;NC1,2",
  "CoilString": "HC1-7;NC1_2",
  "PulseSequenceDetails": "%SiemensSeq%_ep2d_bold",
  "RefLinesPE": 24,
  "ConsistencyInfo": "N4_VE11C_LATEST_20160120",
  "MultibandAccelerationFactor": 2,
  "PercentPhaseFOV": 100,
  "EchoTrainLength": 63,
  "PhaseEncodingSteps": 127,
  "AcquisitionMatrixPE": 128,
  "ReconMatrixPE": 128,
  "BandwidthPerPixelPhaseEncode": 24.414,
  "ParallelReductionFactorInPlane": 2,
  "EffectiveEchoSpacing": 0.000320001,
  "DerivedVendorReportedEchoSpacing": 0.000640002,
  "TotalReadoutTime": 0.0406401,
  "PixelBandwidth": 1860,
  "DwellTime": 0.0000021,
  "PhaseEncodingDirection": "j",
  "SliceTiming": [
    1.2925,
    0,
    1.3675,
    0.075,
    1.4425,
    0.1525,
    1.52,
    0.2275,
    1.595,
    0.305,
    1.6725,
    0.38,
    1.7475,
    0.455,
    1.8225,
    0.5325,
    1.9,
    0.6075,
    1.975,
    0.685,
    2.0525,
    0.76,
    2.1275,
    0.835,
    2.2025,
    0.9125,
    2.28,
    0.9875,
    2.355,
    1.065,
    2.4325,
    1.14,
    2.5075,
    1.215,
    2.5825,
    1.2925,
    0,
    1.3675,
    0.075,
    1.4425,
    0.1525,
    1.52,
    0.2275,
    1.595,
    0.305,
    1.6725,
    0.38,
    1.7475,
    0.455,
    1.8225,
    0.5325,
    1.9,
    0.6075,
    1.975,
    0.685,
    2.0525,
    0.76,
    2.1275,
    0.835,
    2.2025,
    0.9125,
    2.28,
    0.9875,
    2.355,
    1.065,
    2.4325,
    1.14,
    2.5075,
    1.215,
    2.5825
  ],
  "ImageOrientationPatientDICOM": [
    0.999965,
    0.00100801,
    -0.00825025,
    4.38702E-8,
    0.992618,
    0.121283
  ],
  "InPlanePhaseEncodingDirectionDICOM": "COL",
  "ConversionSoftware": "dcm2niix",
  "ConversionSoftwareVersion": "v1.0.20190410  (JP2:OpenJPEG) (JP-LS:CharLS) Clang8.1.0",
  "TaskName": "pain"
}
