{
  "Modality": "MR",
  "MagneticFieldStrength": 3,
  "ImagingFrequency": 123.254,
  "Manufacturer": "Siemens",
  "ManufacturersModelName": "Prisma",
  "InstitutionName": "Beijing_Tiantan_Hospital",
  "InstitutionalDepartmentName": "Department",
  "InstitutionAddress": "Street_StreetNo_Beijing_Fengtai_CN_ZIP",
  "DeviceSerialNumber": "166118",
  "StationName": "AWP166118",
  "BodyPartExamined": "HEAD",
  "PatientPosition": "HFS",
  "ProcedureStepDescription": "FMRIB_Developer_TENS-new",
  "SoftwareVersions": "syngo_MR_E11",
  "MRAcquisitionType": "2D",
  "SeriesDescription": "brain-spinal_ep2d_pre_task1_R",
  "ProtocolName": "brain-spinal_ep2d_pre_task1_R",
  "ScanningSequence": "EP",
  "SequenceVariant": "SK",
  "ScanOptions": "SAT1_FS",
  "SequenceName": "_epfid2d1_128",
  "ImageType": [
    "ORIGINAL",
    "PRIMARY",
    "M",
    "ND",
    "NORM",
    "MOSAIC"
  ],
  "SeriesNumber": 8,
  "AcquisitionTime": "19:07:22.567500",
  "AcquisitionNumber": 1,
  "SliceThickness": 4,
  "SpacingBetweenSlices": 4,
  "SAR": 0.142191,
  "EchoTime": 0.027,
  "RepetitionTime": 2.68,
  "FlipAngle": 80,
  "PartialFourier": 1,
  "BaseResolution": 128,
  "ShimSetting": [
    2111,
    -11684,
    -5754,
    -403,
    -46,
    68,
    770,
    -63
  ],
  "TxRefAmp": 241.674,
  "PhaseResolution": 1,
  "ReceiveCoilName": "HeadNeck_64",
  "ReceiveCoilActiveElements": "HC1-7;NC1,2",
  "CoilString": "HC1-7;NC1_2",
  "PulseSequenceDetails": "%SiemensSeq%_ep2d_bold",
  "RefLinesPE": 24,
  "ConsistencyInfo": "N4_VE11C_LATEST_20160120",
  "PercentPhaseFOV": 100,
  "EchoTrainLength": 63,
  "PhaseEncodingSteps": 127,
  "AcquisitionMatrixPE": 128,
  "ReconMatrixPE": 128,
  "BandwidthPerPixelPhaseEncode": 24.414,
  "ParallelReductionFactorInPlane": 2,
  "EffectiveEchoSpacing": 0.000320001,
  "DerivedVendorReportedEchoSpacing": 0.000640002,
  "TotalReadoutTime": 0.0406401,
  "PixelBandwidth": 1860,
  "DwellTime": 0.0000021,
  "PhaseEncodingDirection": "j",
  "SliceTiming": [
    1.29,
    0,
    1.3675,
    0.075,
    1.4425,
    0.15,
    1.52,
    0.2275,
    1.595,
    0.3025,
    1.67,
    0.38,
    1.7475,
    0.455,
    1.8225,
    0.53,
    1.8975,
    0.6075,
    1.975,
    0.6825,
    2.05,
    0.76,
    2.1275,
    0.835,
    2.2025,
    0.91,
    2.2775,
    0.9875,
    2.355,
    1.0625,
    2.43,
    1.14,
    2.5075,
    1.215,
    2.5825,
    1.29,
    0,
    1.3675,
    0.075,
    1.4425,
    0.15,
    1.52,
    0.2275,
    1.595,
    0.3025,
    1.67,
    0.38,
    1.7475,
    0.455,
    1.8225,
    0.53,
    1.8975,
    0.6075,
    1.975,
    0.6825,
    2.05,
    0.76,
    2.1275,
    0.835,
    2.2025,
    0.91,
    2.2775,
    0.9875,
    2.355,
    1.0625,
    2.43,
    1.14,
    2.5075,
    1.215,
    2.5825
  ],
  "ImageOrientationPatientDICOM": [
    0.999965,
    0.0016845,
    -0.00823123,
    5.17514E-9,
    0.979695,
    0.200492
  ],
  "InPlanePhaseEncodingDirectionDICOM": "COL",
  "ConversionSoftware": "dcm2niix",
  "ConversionSoftwareVersion": "v1.0.20190410  (JP2:OpenJPEG) (JP-LS:CharLS) Clang8.1.0",
  "TaskName": "pain",
  "NumberOfVolumesDiscardedByScanner": 6,
  "NumberOfVolumesDiscardedByUser": 0,
  "DelayTime": 0.0,
  "DelayAfterTrigger": 0.0,
  "Instructions": "Please fixate and remain still. Follow on-screen instructions.",
  "TaskDescription": "Thermal pain fMRI: alternating heat pain and rating periods. See events.tsv for details.",
  "GradientSetType": "XR",
  "MRTransmitCoilSequence": "Head/Neck",
  "MatrixCoilMode": "GRAPPA",
  "CoilCombinationMethod": "Adaptive Combine",
  "PulseSequenceType": "EPI",
  "MTState": false,
  "SpoilingState": false,
  "NumberShots": 1,
  "ParallelReductionFactorOutOfPlane": 1,
  "ParallelAcquisitionTechnique": "GRAPPA",
  "PartialFourierDirection": "PHASE",
  "SliceEncodingDirection": "k"
}
