{
	"Modality": "MR",
	"MagneticFieldStrength": 3,
	"ImagingFrequency": 123.254,
	"Manufacturer": "Siemens",
	"ManufacturersModelName": "Prisma",
	"InstitutionName": "Beijing_Tiantan_Hospital",
	"InstitutionalDepartmentName": "Department",
	"InstitutionAddress": "Street_StreetNo_Beijing_Fengtai_CN_ZIP",
	"DeviceSerialNumber": "166118",
	"StationName": "AWP166118",
	"BodyPartExamined": "HEAD",
	"PatientPosition": "HFS",
	"ProcedureStepDescription": "FMRIB_Developer_TENS-new",
	"SoftwareVersions": "syngo_MR_E11",
	"MRAcquisitionType": "3D",
	"SeriesDescription": "brain-spinal_t1_pre",
	"ProtocolName": "brain-spinal_t1_pre",
	"ScanningSequence": "GR_IR",
	"SequenceVariant": "SK_SP_MP",
	"ScanOptions": "IR",
	"SequenceName": "_tfl3d1_16ns",
	"ImageType": ["ORIGINAL", "PRIMARY", "M", "NORM", "DIS2D"],
	"SeriesNumber": 2,
	"AcquisitionTime": "19:25:30.322500",
	"AcquisitionNumber": 1,
	"SliceThickness": 1,
	"SAR": 0.0663631,
	"EchoTime": 0.00228,
	"RepetitionTime": 2.3,
	"InversionTime": 0.9,
	"FlipAngle": 8,
	"PartialFourier": 1,
	"BaseResolution": 288,
	"ShimSetting": [
		2113,
		-11516,
		-5966,
		25,
		0,
		12,
		-14,
		7	],
	"TxRefAmp": 253.916,
	"PhaseResolution": 1,
	"ReceiveCoilName": "HeadNeck_64",
	"ReceiveCoilActiveElements": "HC1-7;NC1,2",
	"CoilString": "HC1-7;NC1_2",
	"PulseSequenceDetails": "%SiemensSeq%_tfl",
	"RefLinesPE": 24,
	"ConsistencyInfo": "N4_VE11C_LATEST_20160120",
	"PercentPhaseFOV": 100,
	"PhaseEncodingSteps": 287,
	"AcquisitionMatrixPE": 288,
	"ReconMatrixPE": 288,
	"PixelBandwidth": 200,
	"DwellTime": 8.7e-06,
	"ImageOrientationPatientDICOM": [
		0,
		1,
		0,
		0,
		0,
		-1	],
	"InPlanePhaseEncodingDirectionDICOM": "ROW",
	"ConversionSoftware": "dcm2niix",
	"ConversionSoftwareVersion": "v1.0.20190410  (JP2:OpenJPEG) (JP-LS:CharLS) Clang8.1.0"
}
