{
	"Modality": "MR",
	"MagneticFieldStrength": 3,
	"ImagingFrequency": 123.254,
	"Manufacturer": "Siemens",
	"ManufacturersModelName": "Prisma",
	"InstitutionName": "Beijing_Tiantan_Hospital",
	"InstitutionalDepartmentName": "Department",
	"InstitutionAddress": "Street_StreetNo_Beijing_Fengtai_CN_ZIP",
	"DeviceSerialNumber": "166118",
	"StationName": "AWP166118",
	"BodyPartExamined": "HEAD",
	"PatientPosition": "HFS",
	"ProcedureStepDescription": "FMRIB_Developer_TENS-new",
	"SoftwareVersions": "syngo_MR_E11",
	"MRAcquisitionType": "2D",
	"SeriesDescription": "brain_spinal_gre_fieldmapping_pre",
	"ProtocolName": "brain_spinal_gre_fieldmapping_pre",
	"ScanningSequence": "GR",
	"SequenceVariant": "SP",
	"SequenceName": "_fm2d2r",
	"ImageType": ["ORIGINAL", "PRIMARY", "P", "ND"],
	"SeriesNumber": 13,
	"AcquisitionTime": "16:24:38.307500",
	"AcquisitionNumber": 1,
	"SliceThickness": 4,
	"SpacingBetweenSlices": 4,
	"SAR": 0.238794,
	"EchoNumber": 2,
	"EchoTime": 0.00738,
	"RepetitionTime": 0.675,
	"FlipAngle": 60,
	"PartialFourier": 1,
	"BaseResolution": 96,
	"ShimSetting": [
		2107,
		-11564,
		-5853,
		-84,
		18,
		-46,
		44,
		-83	],
	"TxRefAmp": 354.698,
	"PhaseResolution": 1,
	"ReceiveCoilName": "HeadNeck_64",
	"ReceiveCoilActiveElements": "HC1-7;NC1,2",
	"CoilString": "HC1-7;NC1_2",
	"PulseSequenceDetails": "%SiemensSeq%_gre_field_mapping",
	"ConsistencyInfo": "N4_VE11C_LATEST_20160120",
	"PercentPhaseFOV": 100,
	"PhaseEncodingSteps": 96,
	"AcquisitionMatrixPE": 96,
	"ReconMatrixPE": 96,
	"PixelBandwidth": 735,
	"DwellTime": 7.1e-06,
	"PhaseEncodingDirection": "i",
	"ImageOrientationPatientDICOM": [
		0.999966,
		0.000269164,
		-0.00825938,
		9.516e-12,
		0.999469,
		0.0325716	],
	"InPlanePhaseEncodingDirectionDICOM": "ROW",
	"ConversionSoftware": "dcm2niix",
	"ConversionSoftwareVersion": "v1.0.20190410  (JP2:OpenJPEG) (JP-LS:CharLS) Clang8.1.0"
}
