{
  "Modality": "MR",
  "MagneticFieldStrength": 3,
  "ImagingFrequency": 123.254,
  "Manufacturer": "Siemens",
  "ManufacturersModelName": "MAGNETOM Prisma",
  "InstitutionName": "Beijing_Tiantan_Hospital",
  "InstitutionalDepartmentName": "Department",
  "InstitutionAddress": "Street_StreetNo_Beijing_Fengtai_CN_ZIP",
  "DeviceSerialNumber": "166118",
  "StationName": "AWP166118",
  "BodyPartExamined": "HEAD",
  "PatientPosition": "HFS",
  "ProcedureStepDescription": "FMRIB_Developer_TENS-new",
  "SoftwareVersions": "syngo_MR_E11",
  "MRAcquisitionType": "2D",
  "SeriesDescription": "brain-spinal_ep2d_AP_B0_epi1.5X1.5_task1_pre",
  "ProtocolName": "brain-spinal_ep2d_AP_B0_epi1.5X1.5_task1_pre",
  "ScanningSequence": "EP",
  "SequenceVariant": "SK_SP",
  "ScanOptions": "PFP_SFS",
  "SequenceName": "_ep_b0",
  "ImageType": [
    "ORIGINAL",
    "PRIMARY",
    "DIFFUSION",
    "NONE",
    "ND",
    "NORM"
  ],
  "SeriesNumber": 7,
  "AcquisitionTime": "16:01:39.025000",
  "AcquisitionNumber": 1,
  "SliceThickness": 4,
  "SpacingBetweenSlices": 4,
  "SAR": 0.225036,
  "EchoTime": 0.087,
  "RepetitionTime": 7.5,
  "FlipAngle": 90,
  "PartialFourier": 0.875,
  "BaseResolution": 128,
  "ShimSetting": [
    2116,
    -11684,
    -5800,
    -305,
    23,
    116,
    586,
    120
  ],
  "DiffusionScheme": "Monopolar",
  "TxRefAmp": 243.982,
  "PhaseResolution": 1,
  "ReceiveCoilName": "HeadNeck_64",
  "ReceiveCoilActiveElements": "HC1-7;NC1,2",
  "CoilString": "HC1-7;NC1_2",
  "PulseSequenceDetails": "%SiemensSeq%_ep2d_diff",
  "RefLinesPE": 40,
  "ConsistencyInfo": "N4_VE11C_LATEST_20160120",
  "MultibandAccelerationFactor": 2,
  "PercentPhaseFOV": 100,
  "EchoTrainLength": 55,
  "PhaseEncodingSteps": 110,
  "AcquisitionMatrixPE": 128,
  "ReconMatrixPE": 128,
  "BandwidthPerPixelPhaseEncode": 24.414,
  "ParallelReductionFactorInPlane": 2,
  "EffectiveEchoSpacing": 0.000320001,
  "DerivedVendorReportedEchoSpacing": 0.000640002,
  "TotalReadoutTime": 0.0406401,
  "PixelBandwidth": 1860,
  "DwellTime": 0.0000021,
  "PhaseEncodingDirection": "j-",
  "ImageOrientationPatientDICOM": [
    0.999966,
    0.000862496,
    -0.00825293,
    1.00671E-9,
    0.994583,
    0.103942
  ],
  "InPlanePhaseEncodingDirectionDICOM": "COL",
  "ConversionSoftware": "dcm2niix",
  "ConversionSoftwareVersion": "v1.0.20190410  (JP2:OpenJPEG) (JP-LS:CharLS) Clang8.1.0",
  "CoilCombinationMethod": "Adaptive Combine",
  "NumberShots": 1,
  "MRTransmitCoilSequence": "Head/Neck",
  "MatrixCoilMode": "GRAPPA",
  "PulseSequenceType": "EPI",
  "B0FieldIdentifier": "b0map",
  "MTState": false,
  "SpoilingState": false
}
